GEM
  remote: https://rubygems.org/
  specs:
    bind-it (0.2.0)
      rjb
    edavis10-ruby-web-search (0.0.2)
      json
    engtagger (0.1.2)
    fastercsv (1.5.5)
    ffi (1.9.3)
    ffi-aspell (0.0.3)
      ffi (>= 1.0.11)
    json (1.8.1)
    rjb (1.4.3)
    rwordnet (0.1.3)
    stanford-core-nlp (0.3.0)
      bind-it

PLATFORMS
  ruby

DEPENDENCIES
  bind-it (= 0.2.0)
  edavis10-ruby-web-search
  engtagger
  fastercsv
  ffi-aspell
  rjb (= 1.4.3)
  rwordnet
  stanford-core-nlp (= 0.3.0)
